GIT
  remote: https://github.com/rodjek/rspec-puppet.git
  revision: 6ac97993fa972a15851a73d55fe3d1c0a85172b5
  specs:
    rspec-puppet (1.0.1)
      rspec

GEM
  remote: https://rubygems.org/
  specs:
    CFPropertyList (2.2.8)
    binding_of_caller (0.7.2)
      debug_inspector (>= 0.0.1)
    builder (3.2.2)
    celluloid (0.16.0)
      timers (~> 4.0.0)
    coderay (1.1.0)
    debug_inspector (0.0.2)
    diff-lcs (1.2.5)
    excon (0.41.0)
    facter (2.3.0)
      CFPropertyList (~> 2.2.6)
    ffi (1.9.6)
    fog (1.24.0)
      fog-brightbox
      fog-core (~> 1.23)
      fog-json
      fog-radosgw (>= 0.0.2)
      fog-sakuracloud (>= 0.0.4)
      fog-softlayer
      ipaddress (~> 0.5)
      nokogiri (~> 1.5, >= 1.5.11)
    fog-brightbox (0.6.1)
      fog-core (~> 1.22)
      fog-json
      inflecto
    fog-core (1.24.0)
      builder
      excon (~> 0.38)
      formatador (~> 0.2)
      mime-types
      net-scp (~> 1.1)
      net-ssh (>= 2.1.3)
    fog-json (1.0.0)
      multi_json (~> 1.0)
    fog-radosgw (0.0.3)
      fog-core (>= 1.21.0)
      fog-json
      fog-xml (>= 0.0.1)
    fog-sakuracloud (0.1.1)
      fog-core
      fog-json
    fog-softlayer (0.3.24)
      fog-core
      fog-json
    fog-xml (0.1.1)
      fog-core
      nokogiri (~> 1.5, >= 1.5.11)
    formatador (0.2.5)
    guard (2.8.2)
      formatador (>= 0.2.4)
      listen (~> 2.7)
      lumberjack (~> 1.0)
      pry (>= 0.9.12)
      thor (>= 0.18.1)
    guard-rake (1.0.0)
      guard
      rake
    hiera (1.3.4)
      json_pure
    hitimes (1.2.2)
    inflecto (0.0.2)
    interception (0.5)
    ipaddress (0.8.0)
    json_pure (1.8.1)
    listen (2.7.12)
      celluloid (>= 0.15.2)
      rb-fsevent (>= 0.9.3)
      rb-inotify (>= 0.9)
    lumberjack (1.0.9)
    metaclass (0.0.4)
    metadata-json-lint (0.0.2)
    method_source (0.8.2)
    mime-types (2.4.3)
    mini_portile (0.6.1)
    mocha (1.1.0)
      metaclass (~> 0.0.1)
    multi_json (1.10.1)
    mustache (1.0.1)
    net-scp (1.2.1)
      net-ssh (>= 2.6.5)
    net-ssh (2.9.1)
    netrc (0.8.0)
    nokogiri (1.6.4.1)
      mini_portile (~> 0.6.0)
    pry (0.10.1)
      coderay (~> 1.1.0)
      method_source (~> 0.8.1)
      slop (~> 3.4)
    pry-rescue (1.4.1)
      interception (>= 0.5)
      pry
    pry-stack_explorer (0.4.9.1)
      binding_of_caller (>= 0.7)
      pry (>= 0.9.11)
    puppet (3.7.3)
      facter (> 1.6, < 3)
      hiera (~> 1.0)
      json_pure
    puppet-blacksmith (3.0.3)
      puppet (>= 2.7.16)
      rest-client
    puppet-lint (1.1.0)
    puppet-syntax (1.3.0)
      rake
    puppetlabs_spec_helper (0.8.2)
      mocha
      puppet-lint
      puppet-syntax
      rake
      rspec
      rspec-puppet
    rake (10.3.2)
    rb-fsevent (0.9.4)
    rb-inotify (0.9.5)
      ffi (>= 0.5.0)
    rbvmomi (1.8.2)
      builder
      nokogiri (>= 1.4.1)
      trollop
    rest-client (1.7.2)
      mime-types (>= 1.16, < 3.0)
      netrc (~> 0.7)
    rspec (3.1.0)
      rspec-core (~> 3.1.0)
      rspec-expectations (~> 3.1.0)
      rspec-mocks (~> 3.1.0)
    rspec-core (3.1.7)
      rspec-support (~> 3.1.0)
    rspec-expectations (3.1.2)
      diff-lcs (>= 1.2.0, < 2.0)
      rspec-support (~> 3.1.0)
    rspec-mocks (3.1.3)
      rspec-support (~> 3.1.0)
    rspec-support (3.1.2)
    slop (3.6.0)
    thor (0.19.1)
    timers (4.0.1)
      hitimes
    trollop (2.0)

PLATFORMS
  ruby

DEPENDENCIES
  fog
  guard-rake
  metadata-json-lint
  mustache
  pry
  pry-rescue
  pry-stack_explorer
  puppet (~> 3.7.0)
  puppet-blacksmith
  puppetlabs_spec_helper
  rake
  rbvmomi
  rspec-puppet!
